PATH
  remote: .
  specs:
    unicorn_wrangler (0.6.0)

GEM
  remote: https://rubygems.org/
  specs:
    bump (0.10.0)
    diff-lcs (1.5.0)
    dogstatsd-ruby (5.4.0)
    kgio (2.11.4)
    rack (2.2.3)
    raindrops (0.20.0)
    rake (13.0.6)
    rspec (3.11.0)
      rspec-core (~> 3.11.0)
      rspec-expectations (~> 3.11.0)
      rspec-mocks (~> 3.11.0)
    rspec-core (3.11.0)
      rspec-support (~> 3.11.0)
    rspec-expectations (3.11.0)
      diff-lcs (>= 1.2.0, < 2.0)
      rspec-support (~> 3.11.0)
    rspec-mocks (3.11.1)
      diff-lcs (>= 1.2.0, < 2.0)
      rspec-support (~> 3.11.0)
    rspec-support (3.11.0)
    single_cov (1.7.0)
    unicorn (6.1.0)
      kgio (~> 2.6)
      raindrops (~> 0.7)

PLATFORMS
  ruby

DEPENDENCIES
  bump
  dogstatsd-ruby
  rack (~> 2.0)
  rake
  rspec
  single_cov
  unicorn
  unicorn_wrangler!

BUNDLED WITH
   2.3.11
