PATH
  remote: .
  specs:
    unicorn_wrangler (0.5.1)

GEM
  remote: https://rubygems.org/
  specs:
    bump (0.6.0)
    diff-lcs (1.3)
    dogstatsd-ruby (3.3.0)
    kgio (2.11.2)
    rack (1.6.9)
    raindrops (0.19.0)
    rake (12.3.1)
    rspec (3.7.0)
      rspec-core (~> 3.7.0)
      rspec-expectations (~> 3.7.0)
      rspec-mocks (~> 3.7.0)
    rspec-core (3.7.1)
      rspec-support (~> 3.7.0)
    rspec-expectations (3.7.0)
      diff-lcs (>= 1.2.0, < 2.0)
      rspec-support (~> 3.7.0)
    rspec-mocks (3.7.0)
      diff-lcs (>= 1.2.0, < 2.0)
      rspec-support (~> 3.7.0)
    rspec-support (3.7.1)
    single_cov (1.0.1)
    unicorn (5.4.0)
      kgio (~> 2.6)
      raindrops (~> 0.7)

PLATFORMS
  ruby
  x86_64-darwin-17

DEPENDENCIES
  bump
  dogstatsd-ruby
  rack (~> 1.6.0)
  rake
  rspec
  single_cov
  unicorn
  unicorn_wrangler!

BUNDLED WITH
   1.17.1
